GEM
  remote: https://rubygems.org/
  specs:
    coffee-script (2.2.0)
      coffee-script-source
      execjs
    coffee-script-source (1.3.3)
    execjs (1.3.2)
      multi_json (~> 1.0)
    git (1.2.5)
    hike (1.2.1)
    jasmine-core (1.2.0)
    jasmine-headless-webkit (0.8.4)
      coffee-script
      jasmine-core (~> 1.1)
      multi_json
      rainbow
      sprockets (~> 2)
    js_rake_tasks (0.1.1)
      coffee-script-source (~> 1.3.3)
      execjs (~> 1.3.2)
      git (~> 1.2.5)
      json_pure (~> 1.6.1)
      semver (~> 1.0.1)
      uglifier (~> 1.2.4)
    json_pure (1.6.7)
    multi_json (1.3.6)
    rack (1.4.1)
    rainbow (1.1.4)
    rake (0.9.2.2)
    semver (1.0.1)
    sprockets (2.4.5)
      hike (~> 1.2)
      multi_json (~> 1.0)
      rack (~> 1.0)
      tilt (~> 1.1, != 1.3.0)
    tilt (1.3.3)
    uglifier (1.2.6)
      execjs (>= 0.3.0)
      multi_json (~> 1.3)

PLATFORMS
  ruby

DEPENDENCIES
  jasmine-headless-webkit
  js_rake_tasks
  rake
